PATH
  remote: .
  specs:
    her (0.1.0)
      highline
      net-ssh

GEM
  remote: http://rubygems.org/
  specs:
    highline (1.6.1)
    mustache (0.12.0)
    net-ssh (2.0.24)
    rdiscount (1.6.5)
    rocco (0.5)
      mustache
      rdiscount

PLATFORMS
  ruby

DEPENDENCIES
  her!
  highline
  net-ssh
  rocco
